GEM
  remote: https://rubygems.org/
  specs:
    Ascii85 (1.1.0)
    activejob (7.0.8)
      activesupport (= 7.0.8)
      globalid (>= 0.3.6)
    activemodel (7.0.8)
      activesupport (= 7.0.8)
    activerecord (7.0.8)
      activemodel (= 7.0.8)
      activesupport (= 7.0.8)
    activesupport (7.0.8)
      concurrent-ruby (~> 1.0, >= 1.0.2)
      i18n (>= 1.6, < 2)
      minitest (>= 5.1)
      tzinfo (~> 2.0)
    addressable (2.8.6)
      public_suffix (>= 2.0.2, < 6.0)
    afm (0.2.2)
    algolia (2.3.4)
      faraday (>= 0.15, < 3)
      faraday-net_http_persistent (>= 0.15, < 3)
      multi_json (~> 1.0)
      net-http-persistent
    algoliasearch-rails (2.3.1)
      algolia (< 3.0.0)
      json (>= 1.5.1)
    annotate (3.2.0)
      activerecord (>= 3.2, < 8.0)
      rake (>= 10.4, < 14.0)
    ast (2.4.2)
    aws-eventstream (1.3.0)
    aws-partitions (1.883.0)
    aws-sdk-core (3.190.3)
      aws-eventstream (~> 1, >= 1.3.0)
      aws-partitions (~> 1, >= 1.651.0)
      aws-sigv4 (~> 1.8)
      jmespath (~> 1, >= 1.6.1)
    aws-sdk-kms (1.75.0)
      aws-sdk-core (~> 3, >= 3.188.0)
      aws-sigv4 (~> 1.1)
    aws-sdk-s3 (1.142.0)
      aws-sdk-core (~> 3, >= 3.189.0)
      aws-sdk-kms (~> 1)
      aws-sigv4 (~> 1.8)
    aws-sigv4 (1.8.0)
      aws-eventstream (~> 1, >= 1.0.2)
    benchmark-malloc (0.2.0)
    benchmark-perf (0.6.0)
    benchmark-trend (0.4.0)
    bootsnap (1.17.0)
      msgpack (~> 1.2)
    bullet (7.1.5)
      activesupport (>= 3.0.0)
      uniform_notifier (~> 1.11)
    business_time (0.13.0)
      activesupport (>= 3.2.0)
      tzinfo
    case_transform (0.2)
      activesupport
    chunky_png (1.4.0)
    coderay (1.1.3)
    concurrent-ruby (1.2.3)
    connection_pool (2.4.1)
    crack (0.4.5)
      rexml
    css_parser (1.16.0)
      addressable
    date (3.3.4)
    declarative (0.0.20)
    diff-lcs (1.5.0)
    docile (1.4.0)
    et-orbi (1.2.7)
      tzinfo
    factory_bot (6.4.5)
      activesupport (>= 5.0.0)
    faker (3.2.2)
      i18n (>= 1.8.11, < 2)
    faraday (2.9.0)
      faraday-net_http (>= 2.0, < 3.2)
    faraday-gzip (2.0.0)
      faraday (>= 1.0)
      zlib (~> 3.0)
    faraday-mashify (0.1.1)
      faraday (~> 2.0)
      hashie
    faraday-multipart (1.0.4)
      multipart-post (~> 2)
    faraday-net_http (3.1.0)
      net-http
    faraday-net_http_persistent (2.1.0)
      faraday (~> 2.5)
      net-http-persistent (~> 4.0)
    faraday-retry (2.2.0)
      faraday (~> 2.0)
    fugit (1.8.1)
      et-orbi (~> 1, >= 1.2.7)
      raabro (~> 1.4)
    gli (2.21.1)
    global (2.1.0)
      activesupport (>= 2.0)
    globalid (1.2.1)
      activesupport (>= 6.1)
    google-apis-bigquery_v2 (0.60.0)
      google-apis-core (>= 0.11.0, < 2.a)
    google-apis-content_v2_1 (0.32.0)
      google-apis-core (>= 0.11.0, < 2.a)
    google-apis-core (0.11.2)
      addressable (~> 2.5, >= 2.5.1)
      googleauth (>= 0.16.2, < 2.a)
      httpclient (>= 2.8.1, < 3.a)
      mini_mime (~> 1.0)
      representable (~> 3.0)
      retriable (>= 2.0, < 4.a)
      rexml
      webrick
    google-apis-iamcredentials_v1 (0.17.0)
      google-apis-core (>= 0.11.0, < 2.a)
    google-apis-storage_v1 (0.29.0)
      google-apis-core (>= 0.11.0, < 2.a)
    google-cloud-bigquery (1.45.0)
      concurrent-ruby (~> 1.0)
      google-apis-bigquery_v2 (~> 0.1)
      google-cloud-core (~> 1.6)
      googleauth (>= 0.16.2, < 2.a)
      mini_mime (~> 1.0)
    google-cloud-core (1.6.1)
      google-cloud-env (>= 1.0, < 3.a)
      google-cloud-errors (~> 1.0)
    google-cloud-env (2.1.0)
      faraday (>= 1.0, < 3.a)
    google-cloud-errors (1.3.1)
    googleauth (1.9.1)
      faraday (>= 1.0, < 3.a)
      google-cloud-env (~> 2.1)
      jwt (>= 1.4, < 3.0)
      multi_json (~> 1.11)
      os (>= 0.9, < 2.0)
      signet (>= 0.16, < 2.a)
    hashdiff (1.1.0)
    hashery (2.1.2)
    hashie (5.0.0)
    htmlentities (4.3.4)
    httpclient (2.8.3)
    i18n (1.14.1)
      concurrent-ruby (~> 1.0)
    img2zpl (1.0.1)
      mini_magick (~> 4.9)
    jmespath (1.6.2)
    json (2.7.1)
    jwt (2.7.1)
    kramdown (2.4.0)
      rexml
    kramdown-parser-gfm (1.1.0)
      kramdown (~> 2.0)
    language_server-protocol (3.17.0.3)
    launchy (2.5.2)
      addressable (~> 2.8)
    letter_opener (1.8.1)
      launchy (>= 2.2, < 3)
    lokalise_manager (5.0.0)
      ruby-lokalise-api (~> 9.0)
      rubyzip (~> 2.3)
      zeitwerk (~> 2.4)
    lokalise_rails (7.0.0)
      lokalise_manager (~> 5.0)
      zeitwerk (~> 2.4)
    mail (2.8.1)
      mini_mime (>= 0.1.1)
      net-imap
      net-pop
      net-smtp
    method_source (1.0.0)
    mini_magick (4.12.0)
    mini_mime (1.1.5)
    minitest (5.21.2)
    mobility (1.3.0.rc1)
      i18n (>= 0.6.10, < 2)
      request_store (~> 1.0)
    monetize (1.12.0)
      money (~> 6.12)
    money (6.16.0)
      i18n (>= 0.6.4, <= 2)
    msgpack (1.7.2)
    multi_json (1.15.0)
    multipart-post (2.3.0)
    net-http (0.4.1)
      uri
    net-http-persistent (4.0.2)
      connection_pool (~> 2.2)
    net-imap (0.4.9.1)
      date
      net-protocol
    net-pop (0.1.2)
      net-protocol
    net-protocol (0.2.2)
      timeout
    net-sftp (4.0.0)
      net-ssh (>= 5.0.0, < 8.0.0)
    net-smtp (0.4.0.1)
      net-protocol
    net-ssh (7.2.1)
    nio4r (2.7.0)
    os (1.1.4)
    parallel (1.24.0)
    parser (3.3.0.5)
      ast (~> 2.4.1)
      racc
    pdf-reader (2.12.0)
      Ascii85 (~> 1.0)
      afm (~> 0.2.1)
      hashery (~> 2.0)
      ruby-rc4
      ttfunk
    premailer (1.21.0)
      addressable
      css_parser (>= 1.12.0)
      htmlentities (>= 4.0.0)
    pry (0.14.2)
      coderay (~> 1.1)
      method_source (~> 1.0)
    pry-nav (1.0.0)
      pry (>= 0.9.10, < 0.15)
    pry-remote (0.1.8)
      pry (~> 0.9)
      slop (~> 3.0)
    public_suffix (5.0.4)
    puma (6.4.2)
      nio4r (~> 2.0)
    raabro (1.4.0)
    racc (1.7.3)
    rack (2.2.8)
    rainbow (3.1.1)
    rake (13.1.0)
    redis-client (0.19.1)
      connection_pool
    regexp_parser (2.9.0)
    representable (3.2.0)
      declarative (< 0.1.0)
      trailblazer-option (>= 0.1.1, < 0.2.0)
      uber (< 0.2.0)
    request_store (1.5.1)
      rack (>= 1.4)
    retriable (3.1.2)
    rexml (3.2.6)
    rqrcode (2.2.0)
      chunky_png (~> 1.0)
      rqrcode_core (~> 1.0)
    rqrcode_core (1.2.0)
    rspec (3.12.0)
      rspec-core (~> 3.12.0)
      rspec-expectations (~> 3.12.0)
      rspec-mocks (~> 3.12.0)
    rspec-benchmark (0.6.0)
      benchmark-malloc (~> 0.2)
      benchmark-perf (~> 0.6)
      benchmark-trend (~> 0.4)
      rspec (>= 3.0)
    rspec-core (3.12.2)
      rspec-support (~> 3.12.0)
    rspec-expectations (3.12.3)
      diff-lcs (>= 1.2.0, < 2.0)
      rspec-support (~> 3.12.0)
    rspec-mocks (3.12.6)
      diff-lcs (>= 1.2.0, < 2.0)
      rspec-support (~> 3.12.0)
    rspec-retry (0.6.2)
      rspec-core (> 3.3)
    rspec-support (3.12.1)
    rspec_junit_formatter (0.6.0)
      rspec-core (>= 2, < 4, != 2.12.0)
    rubocop (1.59.0)
      json (~> 2.3)
      language_server-protocol (>= 3.17.0)
      parallel (~> 1.10)
      parser (>= 3.2.2.4)
      rainbow (>= 2.2.2, < 4.0)
      regexp_parser (>= 1.8, < 3.0)
      rexml (>= 3.2.5, < 4.0)
      rubocop-ast (>= 1.30.0, < 2.0)
      ruby-progressbar (~> 1.7)
      unicode-display_width (>= 2.4.0, < 3.0)
    rubocop-ast (1.30.0)
      parser (>= 3.2.1.0)
    ruby-lokalise-api (9.0.0)
      addressable (~> 2.5)
      faraday (~> 2.0)
      faraday-gzip (~> 2.0)
      json (~> 2)
      zeitwerk (~> 2.4)
    ruby-progressbar (1.13.0)
    ruby-rc4 (0.1.5)
    rubyzip (2.3.2)
    rufus-scheduler (3.9.1)
      fugit (~> 1.1, >= 1.1.6)
    scout_apm (5.3.5)
      parser
    selenium-webdriver (4.16.0)
      rexml (~> 3.2, >= 3.2.5)
      rubyzip (>= 1.2.2, < 3.0)
      websocket (~> 1.0)
    sentry-ruby (5.16.1)
      concurrent-ruby (~> 1.0, >= 1.0.2)
    sentry-sidekiq (5.16.1)
      sentry-ruby (~> 5.16.1)
      sidekiq (>= 3.0)
    shoulda-matchers (6.0.0)
      activesupport (>= 5.2.0)
    sidekiq (7.1.5)
      concurrent-ruby (< 2)
      connection_pool (>= 2.3.0)
      rack (>= 2.2.4)
      redis-client (>= 0.14.0)
    sidekiq-failures (1.0.4)
      sidekiq (>= 4.0.0)
    sidekiq-limit_fetch (4.4.1)
      sidekiq (>= 6)
    sidekiq-scheduler (5.0.3)
      rufus-scheduler (~> 3.2)
      sidekiq (>= 6, < 8)
      tilt (>= 1.4.0)
    sidekiq_alive (2.3.1)
      rack (< 3)
      sidekiq (>= 5, < 8)
      webrick (>= 1, < 2)
    signet (0.18.0)
      addressable (~> 2.8)
      faraday (>= 0.17.5, < 3.a)
      jwt (>= 1.5, < 3.0)
      multi_json (~> 1.10)
    simplecov (0.22.0)
      docile (~> 1.1)
      simplecov-html (~> 0.11)
      simplecov_json_formatter (~> 0.1)
    simplecov-html (0.12.3)
    simplecov_json_formatter (0.1.4)
    slack-ruby-client (2.2.0)
      faraday (>= 2.0)
      faraday-mashify
      faraday-multipart
      gli
      hashie
    slop (3.6.0)
    sprockets (3.7.2)
      concurrent-ruby (~> 1.0)
      rack (> 1, < 3)
    stackdriver-core (1.5.0)
      google-cloud-core (~> 1.2)
    stripe (8.7.0)
    stripe_event (2.7.0)
      activesupport (>= 3.1)
      stripe (>= 2.8, < 9)
    tilt (2.3.0)
    timeout (0.4.1)
    trailblazer-option (0.1.2)
    ttfunk (1.7.0)
    tzinfo (2.0.6)
      concurrent-ruby (~> 1.0)
    uber (0.1.0)
    unicode-display_width (2.5.0)
    uniform_notifier (1.16.0)
    uri (0.13.0)
    valid_email2 (5.1.1)
      activemodel (>= 3.2)
      mail (~> 2.5)
    validates_zipcode (0.5.2)
      activemodel (>= 4.2.0)
    webmock (3.19.1)
      addressable (>= 2.8.0)
      crack (>= 0.3.2)
      hashdiff (>= 0.4.0, < 2.0.0)
    webrick (1.8.1)
    websocket (1.2.10)
    zebra-zpl (1.1.4)
      img2zpl (~> 1.0.0)
    zeitwerk (2.6.12)
    zlib (3.1.0)

PLATFORMS
  arm-linux
  x86_64-darwin-23
  x86_64-linux

DEPENDENCIES
  activejob (= 7.0.8)
  activemodel (= 7.0.8)
  activerecord (= 7.0.8)
  activesupport (= 7.0.8)
  algolia (= 2.3.4)
  algoliasearch-rails (= 2.3.1)
  annotate (= 3.2.0)
  aws-sdk-kms (= 1.75.0)
  aws-sdk-s3 (= 1.142.0)
  bootsnap (= 1.17.0)
  bullet (= 7.1.5)
  business_time (= 0.13.0)
  case_transform (= 0.2)
  css_parser (= 1.16.0)
  et-orbi (= 1.2.7)
  factory_bot (= 6.4.5)
  faker (= 3.2.2)
  faraday-gzip (= 2.0.0)
  faraday-mashify (= 0.1.1)
  faraday-net_http_persistent (= 2.1.0)
  faraday-retry (= 2.2.0)
  fugit (= 1.8.1)
  global (= 2.1.0)
  globalid (= 1.2.1)
  google-apis-bigquery_v2 (= 0.60.0)
  google-apis-content_v2_1 (= 0.32.0)
  google-apis-core (= 0.11.2)
  google-apis-iamcredentials_v1 (= 0.17.0)
  google-apis-storage_v1 (= 0.29.0)
  google-cloud-bigquery (= 1.45.0)
  google-cloud-core (= 1.6.1)
  google-cloud-env (= 2.1.0)
  googleauth (= 1.9.1)
  i18n (= 1.14.1)
  kramdown-parser-gfm (= 1.1.0)
  launchy (= 2.5.2)
  letter_opener (= 1.8.1)
  lokalise_manager (= 5.0.0)
  lokalise_rails (= 7.0.0)
  mail (= 2.8.1)
  mobility (= 1.3.0.rc1)
  monetize (= 1.12.0)
  money (= 6.16.0)
  net-sftp (= 4.0.0)
  pdf-reader (= 2.12.0)
  premailer (= 1.21.0)
  pry-nav (= 1.0.0)
  pry-remote (= 0.1.8)
  puma (= 6.4.2)
  rqrcode (= 2.2.0)
  rspec (= 3.12.0)
  rspec-benchmark (= 0.6.0)
  rspec-retry (= 0.6.2)
  rspec_junit_formatter (= 0.6.0)
  rubocop (= 1.59.0)
  rubocop-ast (= 1.30.0)
  ruby-lokalise-api (= 9.0.0)
  rufus-scheduler (= 3.9.1)
  scout_apm (= 5.3.5)
  selenium-webdriver (= 4.16.0)
  sentry-ruby (= 5.16.1)
  sentry-sidekiq (= 5.16.1)
  shoulda-matchers (= 6.0.0)
  sidekiq (= 7.1.5)
  sidekiq-failures (= 1.0.4)
  sidekiq-limit_fetch (= 4.4.1)
  sidekiq-scheduler (= 5.0.3)
  sidekiq_alive (= 2.3.1)
  signet (= 0.18.0)
  simplecov (= 0.22.0)
  slack-ruby-client (= 2.2.0)
  sprockets (= 3.7.2)
  stackdriver-core (= 1.5.0)
  stripe_event (= 2.7.0)
  tzinfo (= 2.0.6)
  valid_email2 (= 5.1.1)
  validates_zipcode (= 0.5.2)
  webmock (= 3.19.1)
  zebra-zpl (= 1.1.4)

BUNDLED WITH
   2.5.3
