GEM
  remote: https://rubygems.org/
  specs:
    Ascii85 (1.1.0)
    actioncable (7.0.8)
      actionpack (= 7.0.8)
      activesupport (= 7.0.8)
      nio4r (~> 2.0)
      websocket-driver (>= 0.6.1)
    actionmailbox (7.0.8)
      actionpack (= 7.0.8)
      activejob (= 7.0.8)
      activerecord (= 7.0.8)
      activestorage (= 7.0.8)
      activesupport (= 7.0.8)
      mail (>= 2.7.1)
      net-imap
      net-pop
      net-smtp
    actionmailer (7.0.8)
      actionpack (= 7.0.8)
      actionview (= 7.0.8)
      activejob (= 7.0.8)
      activesupport (= 7.0.8)
      mail (~> 2.5, >= 2.5.4)
      net-imap
      net-pop
      net-smtp
      rails-dom-testing (~> 2.0)
    actionpack (7.0.8)
      actionview (= 7.0.8)
      activesupport (= 7.0.8)
      rack (~> 2.0, >= 2.2.4)
      rack-test (>= 0.6.3)
      rails-dom-testing (~> 2.0)
      rails-html-sanitizer (~> 1.0, >= 1.2.0)
    actiontext (7.0.8)
      actionpack (= 7.0.8)
      activerecord (= 7.0.8)
      activestorage (= 7.0.8)
      activesupport (= 7.0.8)
      globalid (>= 0.6.0)
      nokogiri (>= 1.8.5)
    actionview (7.0.8)
      activesupport (= 7.0.8)
      builder (~> 3.1)
      erubi (~> 1.4)
      rails-dom-testing (~> 2.0)
      rails-html-sanitizer (~> 1.1, >= 1.2.0)
    active_model_serializers (0.10.14)
      actionpack (>= 4.1)
      activemodel (>= 4.1)
      case_transform (>= 0.2)
      jsonapi-renderer (>= 0.1.1.beta1, < 0.3)
    activejob (7.0.8)
      activesupport (= 7.0.8)
      globalid (>= 0.3.6)
    activemodel (7.0.8)
      activesupport (= 7.0.8)
    activerecord (7.0.8)
      activemodel (= 7.0.8)
      activesupport (= 7.0.8)
    activestorage (7.0.8)
      actionpack (= 7.0.8)
      activejob (= 7.0.8)
      activerecord (= 7.0.8)
      activesupport (= 7.0.8)
      marcel (~> 1.0)
      mini_mime (>= 1.1.0)
    activesupport (7.0.8)
      concurrent-ruby (~> 1.0, >= 1.0.2)
      i18n (>= 1.6, < 2)
      minitest (>= 5.1)
      tzinfo (~> 2.0)
    addressable (2.8.6)
      public_suffix (>= 2.0.2, < 6.0)
    afm (0.2.2)
    algolia (2.3.4)
      faraday (>= 0.15, < 3)
      faraday-net_http_persistent (>= 0.15, < 3)
      multi_json (~> 1.0)
      net-http-persistent
    algoliasearch-rails (2.3.1)
      algolia (< 3.0.0)
      json (>= 1.5.1)
    annotate (3.2.0)
      activerecord (>= 3.2, < 8.0)
      rake (>= 10.4, < 14.0)
    any_login (1.5.3)
      rails (>= 6.0)
    ast (2.4.2)
    autoprefixer-rails (10.4.16.0)
      execjs (~> 2)
    aws-eventstream (1.3.0)
    aws-partitions (1.876.0)
    aws-sdk-core (3.190.1)
      aws-eventstream (~> 1, >= 1.3.0)
      aws-partitions (~> 1, >= 1.651.0)
      aws-sigv4 (~> 1.8)
      jmespath (~> 1, >= 1.6.1)
    aws-sdk-kms (1.75.0)
      aws-sdk-core (~> 3, >= 3.188.0)
      aws-sigv4 (~> 1.1)
    aws-sdk-s3 (1.142.0)
      aws-sdk-core (~> 3, >= 3.189.0)
      aws-sdk-kms (~> 1)
      aws-sigv4 (~> 1.8)
    aws-sigv4 (1.8.0)
      aws-eventstream (~> 1, >= 1.0.2)
    backport (1.2.0)
    base64 (0.2.0)
    bcrypt (3.1.19)
    bcrypt_pbkdf (1.1.0)
    benchmark-malloc (0.2.0)
    benchmark-perf (0.6.0)
    benchmark-trend (0.4.0)
    bindex (0.8.1)
    bootsnap (1.17.0)
      msgpack (~> 1.2)
    brakeman (6.1.1)
      racc
    builder (3.2.4)
    bullet (7.1.5)
      activesupport (>= 3.0.0)
      uniform_notifier (~> 1.11)
    business_time (0.13.0)
      activesupport (>= 3.2.0)
      tzinfo
    byebug (11.1.3)
    capybara (3.39.2)
      addressable
      matrix
      mini_mime (>= 0.1.3)
      nokogiri (~> 1.8)
      rack (>= 1.6.0)
      rack-test (>= 0.6.3)
      regexp_parser (>= 1.5, < 3.0)
      xpath (~> 3.2)
    case_transform (0.2)
      activesupport
    choice (0.2.0)
    chunky_png (1.4.0)
    coderay (1.1.3)
    combine_pdf (1.0.23)
      matrix
      ruby-rc4 (>= 0.1.5)
    composite_primary_keys (14.0.9)
      activerecord (~> 7.0.2)
    concurrent-ruby (1.2.2)
    connection_pool (2.4.1)
    countries (5.7.1)
      unaccent (~> 0.3)
    crack (0.4.5)
      rexml
    crass (1.0.6)
    css_parser (1.16.0)
      addressable
    date (3.3.4)
    declarative (0.0.20)
    devise (4.9.3)
      bcrypt (~> 3.0)
      orm_adapter (~> 0.1)
      railties (>= 4.1.0)
      responders
      warden (~> 1.2.3)
    diff-lcs (1.5.0)
    digest-crc (0.6.5)
      rake (>= 12.0.0, < 14.0.0)
    docile (1.4.0)
    dotenv (2.8.1)
    dotenv-rails (2.8.1)
      dotenv (= 2.8.1)
      railties (>= 3.2)
    e2mmap (0.1.0)
    ed25519 (1.3.0)
    erubi (1.12.0)
    et-orbi (1.2.7)
      tzinfo
    execjs (2.9.1)
    factory_bot (6.4.5)
      activesupport (>= 5.0.0)
    factory_bot_rails (6.4.3)
      factory_bot (~> 6.4)
      railties (>= 5.0.0)
    faker (3.2.2)
      i18n (>= 1.8.11, < 2)
    faraday (2.8.1)
      base64
      faraday-net_http (>= 2.0, < 3.1)
      ruby2_keywords (>= 0.0.4)
    faraday-gzip (2.0.0)
      faraday (>= 1.0)
      zlib (~> 3.0)
    faraday-mashify (0.1.1)
      faraday (~> 2.0)
      hashie
    faraday-multipart (1.0.4)
      multipart-post (~> 2)
    faraday-net_http (3.0.2)
    faraday-net_http_persistent (2.1.0)
      faraday (~> 2.5)
      net-http-persistent (~> 4.0)
    faraday-retry (2.2.0)
      faraday (~> 2.0)
    ffi (1.16.2)
    friendly_id (5.4.2)
      activerecord (>= 4.0.0)
    friendly_id-mobility (1.0.4)
      friendly_id (>= 5.0.0, < 5.5)
      mobility (>= 1.0.1, < 2.0)
    fugit (1.8.1)
      et-orbi (~> 1, >= 1.2.7)
      raabro (~> 1.4)
    fuzzy_match (2.1.0)
    gli (2.21.1)
    global (2.1.0)
      activesupport (>= 2.0)
    globalid (1.2.1)
      activesupport (>= 6.1)
    google-apis-bigquery_v2 (0.60.0)
      google-apis-core (>= 0.11.0, < 2.a)
    google-apis-content_v2_1 (0.32.0)
      google-apis-core (>= 0.11.0, < 2.a)
    google-apis-core (0.11.2)
      addressable (~> 2.5, >= 2.5.1)
      googleauth (>= 0.16.2, < 2.a)
      httpclient (>= 2.8.1, < 3.a)
      mini_mime (~> 1.0)
      representable (~> 3.0)
      retriable (>= 2.0, < 4.a)
      rexml
      webrick
    google-apis-iamcredentials_v1 (0.17.0)
      google-apis-core (>= 0.11.0, < 2.a)
    google-apis-storage_v1 (0.31.0)
      google-apis-core (>= 0.11.0, < 2.a)
    google-cloud-bigquery (1.45.0)
      concurrent-ruby (~> 1.0)
      google-apis-bigquery_v2 (~> 0.1)
      google-cloud-core (~> 1.6)
      googleauth (>= 0.16.2, < 2.a)
      mini_mime (~> 1.0)
    google-cloud-core (1.6.1)
      google-cloud-env (>= 1.0, < 3.a)
      google-cloud-errors (~> 1.0)
    google-cloud-env (2.1.0)
      faraday (>= 1.0, < 3.a)
    google-cloud-errors (1.3.1)
    google-protobuf (3.25.2)
    googleapis-common-protos-types (1.10.0)
      google-protobuf (~> 3.18)
    googleauth (1.9.1)
      faraday (>= 1.0, < 3.a)
      google-cloud-env (~> 2.1)
      jwt (>= 1.4, < 3.0)
      multi_json (~> 1.11)
      os (>= 0.9, < 2.0)
      signet (>= 0.16, < 2.a)
    grover (1.1.6)
      combine_pdf (~> 1.0)
      nokogiri (~> 1.0)
    growthbook (1.2.2)
    grpc (1.60.0)
      google-protobuf (~> 3.25)
      googleapis-common-protos-types (~> 1.0)
    hashdiff (1.0.1)
    hashery (2.1.2)
    hashids (1.0.6)
    hashie (5.0.0)
    hiredis-client (0.19.1)
      redis-client (= 0.19.1)
    htmlentities (4.3.4)
    httparty (0.21.0)
      mini_mime (>= 1.0.0)
      multi_xml (>= 0.5.2)
    httpclient (2.8.3)
    i18n (1.14.1)
      concurrent-ruby (~> 1.0)
    icalendar (2.10.1)
      ice_cube (~> 0.16)
    ice_cube (0.16.4)
    img2zpl (1.0.1)
      mini_magick (~> 4.9)
    imgix (4.1.0)
    imgix-rails (4.3.1)
      imgix (>= 3.0)
    jaro_winkler (1.5.6)
    jmespath (1.6.2)
    json (2.7.1)
    jsonapi-renderer (0.2.2)
    jwt (2.7.1)
    kaminari (1.2.2)
      activesupport (>= 4.1.0)
      kaminari-actionview (= 1.2.2)
      kaminari-activerecord (= 1.2.2)
      kaminari-core (= 1.2.2)
    kaminari-actionview (1.2.2)
      actionview
      kaminari-core (= 1.2.2)
    kaminari-activerecord (1.2.2)
      activerecord
      kaminari-core (= 1.2.2)
    kaminari-core (1.2.2)
    kramdown (2.4.0)
      rexml
    kramdown-parser-gfm (1.1.0)
      kramdown (~> 2.0)
    language_server-protocol (3.17.0.3)
    launchy (2.5.2)
      addressable (~> 2.8)
    letter_opener (1.8.1)
      launchy (>= 2.2, < 3)
    letter_opener_web (2.0.0)
      actionmailer (>= 5.2)
      letter_opener (~> 1.7)
      railties (>= 5.2)
      rexml
    listen (3.8.0)
      rb-fsevent (~> 0.10, >= 0.10.3)
      rb-inotify (~> 0.9, >= 0.9.10)
    lograge (0.14.0)
      actionpack (>= 4)
      activesupport (>= 4)
      railties (>= 4)
      request_store (~> 1.0)
    lokalise_manager (5.0.0)
      ruby-lokalise-api (~> 9.0)
      rubyzip (~> 2.3)
      zeitwerk (~> 2.4)
    lokalise_rails (7.0.0)
      lokalise_manager (~> 5.0)
      zeitwerk (~> 2.4)
    loofah (2.22.0)
      crass (~> 1.0.2)
      nokogiri (>= 1.12.0)
    mail (2.8.1)
      mini_mime (>= 0.1.1)
      net-imap
      net-pop
      net-smtp
    marcel (1.0.2)
    matrix (0.4.2)
    method_source (1.0.0)
    mini_magick (4.12.0)
    mini_mime (1.1.5)
    minitest (5.20.0)
    mobility (1.3.0.rc1)
      i18n (>= 0.6.10, < 2)
      request_store (~> 1.0)
    monetize (1.12.0)
      money (~> 6.12)
    money (6.16.0)
      i18n (>= 0.6.4, <= 2)
    money-rails (1.15.0)
      activesupport (>= 3.0)
      monetize (~> 1.9)
      money (~> 6.13)
      railties (>= 3.0)
    msgpack (1.7.2)
    multi_json (1.15.0)
    multi_xml (0.6.0)
    multipart-post (2.3.0)
    net-http-persistent (4.0.2)
      connection_pool (~> 2.2)
    net-imap (0.4.8)
      date
      net-protocol
    net-pop (0.1.2)
      net-protocol
    net-protocol (0.2.2)
      timeout
    net-sftp (4.0.0)
      net-ssh (>= 5.0.0, < 8.0.0)
    net-smtp (0.4.0)
      net-protocol
    net-ssh (7.2.0)
    nio4r (2.7.0)
    nokogiri (1.16.0-arm-linux)
      racc (~> 1.4)
    nokogiri (1.16.0-x86_64-darwin)
      racc (~> 1.4)
    nokogiri (1.16.0-x86_64-linux)
      racc (~> 1.4)
    olive_branch (4.0.1)
      multi_json
      rails (>= 4.0)
    orm_adapter (0.5.0)
    os (1.1.4)
    parallel (1.24.0)
    parallel_tests (4.4.0)
      parallel
    parser (3.3.0.2)
      ast (~> 2.4.1)
      racc
    pdf-reader (2.12.0)
      Ascii85 (~> 1.0)
      afm (~> 0.2.1)
      hashery (~> 2.0)
      ruby-rc4
      ttfunk
    percy-capybara (5.0.0)
      capybara (>= 3)
    pg (1.5.4)
    pg_search (2.3.6)
      activerecord (>= 5.2)
      activesupport (>= 5.2)
    public_suffix (5.0.4)
    raabro (1.4.0)
    racc (1.7.3)
    rack (2.2.8)
    rack-test (2.1.0)
      rack (>= 1.3)
    rails (7.0.8)
      actioncable (= 7.0.8)
      actionmailbox (= 7.0.8)
      actionmailer (= 7.0.8)
      actionpack (= 7.0.8)
      actiontext (= 7.0.8)
      actionview (= 7.0.8)
      activejob (= 7.0.8)
      activemodel (= 7.0.8)
      activerecord (= 7.0.8)
      activestorage (= 7.0.8)
      activesupport (= 7.0.8)
      bundler (>= 1.15.0)
      railties (= 7.0.8)
    rails-dom-testing (2.2.0)
      activesupport (>= 5.0.0)
      minitest
      nokogiri (>= 1.6)
    rails-html-sanitizer (1.6.0)
      loofah (~> 2.21)
      nokogiri (~> 1.14)
    railties (7.0.8)
      actionpack (= 7.0.8)
      activesupport (= 7.0.8)
      method_source
      rake (>= 12.2)
      thor (~> 1.0)
      zeitwerk (~> 2.5)
    rake (13.1.0)
    rb-fsevent (0.11.2)
    rb-inotify (0.10.1)
      ffi (~> 1.0)
    redis-client (0.19.1)
      connection_pool
    regexp_parser (2.9.0)
    representable (3.2.0)
      declarative (< 0.1.0)
      trailblazer-option (>= 0.1.1, < 0.2.0)
      uber (< 0.2.0)
    request_store (1.5.1)
      rack (>= 1.4)
    responders (3.1.1)
      actionpack (>= 5.2)
      railties (>= 5.2)
    retriable (3.1.2)
    rexml (3.2.6)
    ruby-lokalise-api (9.0.0)
      addressable (~> 2.5)
      faraday (~> 2.0)
      faraday-gzip (~> 2.0)
      json (~> 2)
      zeitwerk (~> 2.4)
    ruby-rc4 (0.1.5)
    ruby2_keywords (0.0.5)
    rubyzip (2.3.2)
    signet (0.18.0)
      addressable (~> 2.8)
      faraday (>= 0.17.5, < 3.a)
      jwt (>= 1.5, < 3.0)
      multi_json (~> 1.10)
    thor (1.3.0)
    timeout (0.4.1)
    trailblazer-option (0.1.2)
    ttfunk (1.7.0)
    tzinfo (2.0.6)
      concurrent-ruby (~> 1.0)
    uber (0.1.0)
    unaccent (0.4.0)
    uniform_notifier (1.16.0)
    warden (1.2.9)
      rack (>= 2.0.9)
    webrick (1.8.1)
    websocket-driver (0.7.6)
      websocket-extensions (>= 0.1.0)
    websocket-extensions (0.1.5)
    xpath (3.2.0)
      nokogiri (~> 1.8)
    zeitwerk (2.6.12)
    zlib (3.1.0)

PLATFORMS
  arm-linux
  x86_64-darwin-23
  x86_64-linux

DEPENDENCIES
  Ascii85 (= 1.1.0)
  actioncable (= 7.0.8)
  actionmailbox (= 7.0.8)
  actionmailer (= 7.0.8)
  actionpack (= 7.0.8)
  actiontext (= 7.0.8)
  actionview (= 7.0.8)
  active_model_serializers (= 0.10.14)
  activejob (= 7.0.8)
  activemodel (= 7.0.8)
  activerecord (= 7.0.8)
  activestorage (= 7.0.8)
  activesupport (= 7.0.8)
  addressable (= 2.8.6)
  afm (= 0.2.2)
  algolia (= 2.3.4)
  algoliasearch-rails (= 2.3.1)
  annotate (= 3.2.0)
  any_login (= 1.5.3)
  ast (= 2.4.2)
  autoprefixer-rails (= 10.4.16.0)
  aws-eventstream (= 1.3.0)
  aws-partitions (= 1.876.0)
  aws-sdk-core (= 3.190.1)
  aws-sdk-kms (= 1.75.0)
  aws-sdk-s3 (= 1.142.0)
  aws-sigv4 (= 1.8.0)
  backport (= 1.2.0)
  bcrypt (= 3.1.19)
  bcrypt_pbkdf (= 1.1.0)
  benchmark-malloc (= 0.2.0)
  benchmark-perf (= 0.6.0)
  benchmark-trend (= 0.4.0)
  bindex (= 0.8.1)
  bootsnap (= 1.17.0)
  brakeman (= 6.1.1)
  builder (= 3.2.4)
  bullet (= 7.1.5)
  business_time (= 0.13.0)
  byebug (= 11.1.3)
  capybara (= 3.39.2)
  case_transform (= 0.2)
  choice (= 0.2.0)
  chunky_png (= 1.4.0)
  coderay (= 1.1.3)
  combine_pdf (= 1.0.23)
  composite_primary_keys (= 14.0.9)
  concurrent-ruby (= 1.2.2)
  connection_pool (= 2.4.1)
  countries (= 5.7.1)
  crack (= 0.4.5)
  crass (= 1.0.6)
  css_parser (= 1.16.0)
  declarative (= 0.0.20)
  devise (= 4.9.3)
  diff-lcs (= 1.5.0)
  digest-crc (= 0.6.5)
  docile (= 1.4.0)
  dotenv (= 2.8.1)
  dotenv-rails (= 2.8.1)
  e2mmap (= 0.1.0)
  ed25519 (= 1.3.0)
  erubi (= 1.12.0)
  et-orbi (= 1.2.7)
  execjs (= 2.9.1)
  factory_bot (= 6.4.5)
  factory_bot_rails (= 6.4.3)
  faker (= 3.2.2)
  faraday (= 2.8.1)
  faraday-gzip (= 2.0.0)
  faraday-mashify (= 0.1.1)
  faraday-multipart (= 1.0.4)
  faraday-net_http (= 3.0.2)
  faraday-net_http_persistent (= 2.1.0)
  faraday-retry (= 2.2.0)
  ffi (= 1.16.2)
  friendly_id (= 5.4.2)
  friendly_id-mobility (= 1.0.4)
  fugit (= 1.8.1)
  fuzzy_match (= 2.1.0)
  gli (= 2.21.1)
  global (= 2.1.0)
  globalid (= 1.2.1)
  google-apis-bigquery_v2 (= 0.60.0)
  google-apis-content_v2_1 (= 0.32.0)
  google-apis-core (= 0.11.2)
  google-apis-iamcredentials_v1 (= 0.17.0)
  google-apis-storage_v1 (= 0.31.0)
  google-cloud-bigquery (= 1.45.0)
  google-cloud-core (= 1.6.1)
  google-cloud-env (= 2.1.0)
  google-cloud-errors (= 1.3.1)
  google-protobuf (= 3.25.2)
  googleapis-common-protos-types (= 1.10.0)
  googleauth (= 1.9.1)
  grover (= 1.1.6)
  growthbook (= 1.2.2)
  grpc (= 1.60.0)
  hashdiff (= 1.0.1)
  hashery (= 2.1.2)
  hashids (= 1.0.6)
  hashie (= 5.0.0)
  hiredis-client (= 0.19.1)
  htmlentities (= 4.3.4)
  httparty (= 0.21.0)
  httpclient (= 2.8.3)
  i18n (= 1.14.1)
  icalendar (= 2.10.1)
  ice_cube (= 0.16.4)
  img2zpl (= 1.0.1)
  imgix (= 4.1.0)
  imgix-rails (= 4.3.1)
  jaro_winkler (= 1.5.6)
  jmespath (= 1.6.2)
  jsonapi-renderer (= 0.2.2)
  jwt (= 2.7.1)
  kaminari (= 1.2.2)
  kaminari-actionview (= 1.2.2)
  kaminari-activerecord (= 1.2.2)
  kaminari-core (= 1.2.2)
  kramdown (= 2.4.0)
  kramdown-parser-gfm (= 1.1.0)
  language_server-protocol (= 3.17.0.3)
  launchy (= 2.5.2)
  letter_opener (= 1.8.1)
  letter_opener_web (= 2.0.0)
  listen (= 3.8.0)
  lograge (= 0.14.0)
  lokalise_manager (= 5.0.0)
  lokalise_rails (= 7.0.0)
  loofah (= 2.22.0)
  mail (= 2.8.1)
  marcel (= 1.0.2)
  matrix (= 0.4.2)
  method_source (= 1.0.0)
  mini_magick (= 4.12.0)
  mini_mime (= 1.1.5)
  minitest (= 5.20.0)
  mobility (= 1.3.0.rc1)
  monetize (= 1.12.0)
  money (= 6.16.0)
  money-rails (= 1.15.0)
  msgpack (= 1.7.2)
  multi_json (= 1.15.0)
  multi_xml (= 0.6.0)
  multipart-post (= 2.3.0)
  net-http-persistent (= 4.0.2)
  net-imap (= 0.4.8)
  net-pop (= 0.1.2)
  net-sftp (= 4.0.0)
  net-smtp (= 0.4.0)
  net-ssh (= 7.2.0)
  nio4r (= 2.7.0)
  nokogiri (= 1.16.0)
  olive_branch (= 4.0.1)
  orm_adapter (= 0.5.0)
  os (= 1.1.4)
  parallel (= 1.24.0)
  parallel_tests (= 4.4.0)
  parser (= 3.3.0.2)
  pdf-reader (= 2.12.0)
  percy-capybara (= 5.0.0)
  pg (= 1.5.4)
  pg_search (= 2.3.6)

BUNDLED WITH
   2.5.3
