GEM
  remote: https://rubygems.org/
  specs:
    Ascii85 (1.1.0)
    addressable (2.8.6)
      public_suffix (>= 2.0.2, < 6.0)
    afm (0.2.2)
    ast (2.4.2)
    autoprefixer-rails (10.4.16.0)
      execjs (~> 2)
    aws-eventstream (1.3.0)
    aws-partitions (1.876.0)
    aws-sdk-core (3.190.1)
      aws-eventstream (~> 1, >= 1.3.0)
      aws-partitions (~> 1, >= 1.651.0)
      aws-sigv4 (~> 1.8)
      jmespath (~> 1, >= 1.6.1)
    aws-sigv4 (1.8.0)
      aws-eventstream (~> 1, >= 1.0.2)
    backport (1.2.0)
    base64 (0.2.0)
    bcrypt (3.1.19)
    bcrypt_pbkdf (1.1.0)
    bindex (0.8.1)
    brakeman (6.1.1)
      racc
    builder (3.2.4)
    byebug (11.1.3)
    choice (0.2.0)
    chunky_png (1.4.0)
    coderay (1.1.3)
    combine_pdf (1.0.23)
      matrix
      ruby-rc4 (>= 0.1.5)
    concurrent-ruby (1.2.2)
    connection_pool (2.4.1)
    countries (5.7.1)
      unaccent (~> 0.3)
    crack (0.4.5)
      rexml
    crass (1.0.6)
    date (3.3.4)
    declarative (0.0.20)
    diff-lcs (1.5.0)
    digest-crc (0.6.5)
      rake (>= 12.0.0, < 14.0.0)
    docile (1.4.0)
    dotenv (2.8.1)
    e2mmap (0.1.0)
    ed25519 (1.3.0)
    erubi (1.12.0)
    execjs (2.9.1)
    faraday (2.8.1)
      base64
      faraday-net_http (>= 2.0, < 3.1)
      ruby2_keywords (>= 0.0.4)
    faraday-multipart (1.0.4)
      multipart-post (~> 2)
    faraday-net_http (3.0.2)
    ffi (1.16.2)
    fuzzy_match (2.1.0)
    gli (2.21.1)
    google-cloud-errors (1.3.1)
    google-protobuf (3.25.2)
    growthbook (1.2.2)
    hashdiff (1.0.1)
    hashery (2.1.2)
    hashids (1.0.6)
    hashie (5.0.0)
    hiredis-client (0.19.1)
      redis-client (= 0.19.1)
    htmlentities (4.3.4)
    httparty (0.21.0)
      mini_mime (>= 1.0.0)
      multi_xml (>= 0.5.2)
    httpclient (2.8.3)
    icalendar (2.10.1)
      ice_cube (~> 0.16)
    ice_cube (0.16.4)
    img2zpl (1.0.1)
      mini_magick (~> 4.9)
    imgix (4.1.0)
    imgix-rails (4.3.1)
      imgix (>= 3.0)
    jaro_winkler (1.5.6)
    jmespath (1.6.2)
    jsonapi-renderer (0.2.2)
    jwt (2.7.1)
    kaminari-core (1.2.2)
    kramdown (2.4.0)
      rexml
    language_server-protocol (3.17.0.3)
    marcel (1.0.2)
    matrix (0.4.2)
    method_source (1.0.0)
    mini_magick (4.12.0)
    mini_mime (1.1.5)
    minitest (5.20.0)
    msgpack (1.7.2)
    multi_json (1.15.0)
    multi_xml (0.6.0)
    multipart-post (2.3.0)
    net-http-persistent (4.0.2)
      connection_pool (~> 2.2)
    net-imap (0.4.8)
      date
      net-protocol
    net-pop (0.1.2)
      net-protocol
    net-protocol (0.2.2)
      timeout
    net-smtp (0.4.0)
      net-protocol
    net-ssh (7.2.0)
    nio4r (2.7.0)
    nokogiri (1.16.0-arm-linux)
      racc (~> 1.4)
    nokogiri (1.16.0-x86_64-darwin)
      racc (~> 1.4)
    nokogiri (1.16.0-x86_64-linux)
      racc (~> 1.4)
    orm_adapter (0.5.0)
    os (1.1.4)
    parallel (1.24.0)
    parallel_tests (4.4.0)
      parallel
    parser (3.3.0.2)
      ast (~> 2.4.1)
      racc
    pg (1.5.4)
    phonelib (0.8.6)
    pry (0.14.2)
      coderay (~> 1.1)
      method_source (~> 1.0)
    public_suffix (5.0.4)
    raabro (1.4.0)
    racc (1.7.3)
    rack (2.2.8)
    rack-mini-profiler (3.3.0)
      rack (>= 1.2.0)
    rack-proxy (0.7.7)
      rack
    rack-test (2.1.0)
      rack (>= 1.3)
    rack_session_access (0.2.0)
      builder (>= 2.0.0)
      rack (>= 1.0.0)
    rainbow (3.1.1)
    rake (13.1.0)
    rb-fsevent (0.11.2)
    rbs (2.8.4)
    redis (5.0.8)
      redis-client (>= 0.17.0)
    redis-client (0.19.1)
      connection_pool
    regexp-examples (1.5.1)
    regexp_parser (2.9.0)
    representable (3.2.0)
      declarative (< 0.1.0)
      trailblazer-option (>= 0.1.1, < 0.2.0)
      uber (< 0.2.0)
    request_store (1.5.1)
      rack (>= 1.4)
    retriable (3.1.2)
    rexml (3.2.6)
    rqrcode_core (1.2.0)
    rspec-core (3.12.2)
      rspec-support (~> 3.12.0)
    rspec-expectations (3.12.3)
      diff-lcs (>= 1.2.0, < 2.0)
      rspec-support (~> 3.12.0)
    rspec-mocks (3.12.6)
      diff-lcs (>= 1.2.0, < 2.0)
      rspec-support (~> 3.12.0)
    rspec-support (3.12.1)
    ruby-graphviz (1.2.5)
      rexml
    ruby-progressbar (1.13.0)
    ruby-rc4 (0.1.5)
    ruby2_keywords (0.0.5)
    rubyzip (2.3.2)
    semantic_range (3.0.0)
    simplecov-html (0.12.3)
    simplecov-lcov (0.8.0)
    simplecov_json_formatter (0.1.4)
    sitemap_generator (6.3.0)
      builder (~> 3.0)
    slop (3.6.0)
    spring (4.1.3)
    spring-commands-rspec (1.0.4)
      spring (>= 0.9.1)
    stackprof (0.2.25)
    stripe (8.5.0)
    terminal-table (3.0.2)
      unicode-display_width (>= 1.1.1, < 3)
    thor (1.3.0)
    tilt (2.3.0)
    timeout (0.4.1)
    trailblazer-option (0.1.2)
    ttfunk (1.7.0)
    uber (0.1.0)
    uglifier (4.2.0)
      execjs (>= 0.3.0, < 3)
    unaccent (0.4.0)
    unicode-display_width (2.5.0)
    uniform_notifier (1.16.0)
    warden (1.2.9)
      rack (>= 2.0.9)
    webrick (1.8.1)
    websocket (1.2.10)
    websocket-driver (0.7.6)
      websocket-extensions (>= 0.1.0)
    websocket-extensions (0.1.5)
    yard (0.9.34)
    zeitwerk (2.6.12)

PLATFORMS
  arm-linux
  x86_64-darwin-23
  x86_64-linux

DEPENDENCIES
  Ascii85 (= 1.1.0)
  addressable (= 2.8.6)
  afm (= 0.2.2)
  ast (= 2.4.2)
  autoprefixer-rails (= 10.4.16.0)
  aws-eventstream (= 1.3.0)
  aws-partitions (= 1.876.0)
  aws-sdk-core (= 3.190.1)
  aws-sigv4 (= 1.8.0)
  backport (= 1.2.0)
  bcrypt (= 3.1.19)
  bcrypt_pbkdf (= 1.1.0)
  bindex (= 0.8.1)
  brakeman (= 6.1.1)
  builder (= 3.2.4)
  byebug (= 11.1.3)
  choice (= 0.2.0)
  chunky_png (= 1.4.0)
  coderay (= 1.1.3)
  combine_pdf (= 1.0.23)
  concurrent-ruby (= 1.2.2)
  connection_pool (= 2.4.1)
  countries (= 5.7.1)
  crack (= 0.4.5)
  crass (= 1.0.6)
  declarative (= 0.0.20)
  diff-lcs (= 1.5.0)
  digest-crc (= 0.6.5)
  docile (= 1.4.0)
  dotenv (= 2.8.1)
  e2mmap (= 0.1.0)
  ed25519 (= 1.3.0)
  erubi (= 1.12.0)
  execjs (= 2.9.1)
  faraday (= 2.8.1)
  faraday-multipart (= 1.0.4)
  faraday-net_http (= 3.0.2)
  ffi (= 1.16.2)
  fuzzy_match (= 2.1.0)
  gli (= 2.21.1)
  google-cloud-errors (= 1.3.1)
  google-protobuf (= 3.25.2)
  growthbook (= 1.2.2)
  hashdiff (= 1.0.1)
  hashery (= 2.1.2)
  hashids (= 1.0.6)
  hashie (= 5.0.0)
  hiredis-client (= 0.19.1)
  htmlentities (= 4.3.4)
  httparty (= 0.21.0)
  httpclient (= 2.8.3)
  icalendar (= 2.10.1)
  ice_cube (= 0.16.4)
  img2zpl (= 1.0.1)
  imgix (= 4.1.0)
  imgix-rails (= 4.3.1)
  jaro_winkler (= 1.5.6)
  jmespath (= 1.6.2)
  jsonapi-renderer (= 0.2.2)
  jwt (= 2.7.1)
  kaminari-core (= 1.2.2)
  kramdown (= 2.4.0)
  language_server-protocol (= 3.17.0.3)
  marcel (= 1.0.2)
  matrix (= 0.4.2)
  method_source (= 1.0.0)
  mini_magick (= 4.12.0)
  mini_mime (= 1.1.5)
  minitest (= 5.20.0)
  msgpack (= 1.7.2)
  multi_json (= 1.15.0)
  multi_xml (= 0.6.0)
  multipart-post (= 2.3.0)
  net-http-persistent (= 4.0.2)
  net-imap (= 0.4.8)
  net-pop (= 0.1.2)
  net-smtp (= 0.4.0)
  net-ssh (= 7.2.0)
  nio4r (= 2.7.0)
  nokogiri (= 1.16.0)
  orm_adapter (= 0.5.0)
  os (= 1.1.4)
  parallel (= 1.24.0)
  parallel_tests (= 4.4.0)
  parser (= 3.3.0.2)
  pg (= 1.5.4)
  phonelib (= 0.8.6)
  pry (= 0.14.2)
  public_suffix (= 5.0.4)
  raabro (= 1.4.0)
  racc (= 1.7.3)
  rack (= 2.2.8)
  rack-mini-profiler (= 3.3.0)
  rack-proxy (= 0.7.7)
  rack-test (= 2.1.0)
  rack_session_access (= 0.2.0)
  rainbow (= 3.1.1)
  rake (= 13.1.0)
  rb-fsevent (= 0.11.2)
  rbs (= 2.8.4)
  redis (= 5.0.8)
  redis-client (= 0.19.1)
  regexp-examples (= 1.5.1)
  regexp_parser (= 2.9.0)
  representable (= 3.2.0)
  request_store (= 1.5.1)
  retriable (= 3.1.2)
  rexml (= 3.2.6)
  rqrcode_core (= 1.2.0)
  rspec-core (= 3.12.2)
  rspec-expectations (= 3.12.3)
  rspec-mocks (= 3.12.6)
  rspec-support (= 3.12.1)
  ruby-graphviz (= 1.2.5)
  ruby-progressbar (= 1.13.0)
  ruby-rc4 (= 0.1.5)
  rubyzip (= 2.3.2)
  semantic_range (= 3.0.0)
  simplecov-html (= 0.12.3)
  simplecov-lcov (= 0.8.0)
  simplecov_json_formatter (= 0.1.4)
  sitemap_generator (= 6.3.0)
  slop (= 3.6.0)
  spring (= 4.1.3)
  spring-commands-rspec (= 1.0.4)
  stackprof (= 0.2.25)
  stripe (= 8.5.0)
  terminal-table (= 3.0.2)
  thor (= 1.3.0)
  tilt (= 2.3.0)
  trailblazer-option (= 0.1.2)
  ttfunk (= 1.7.0)
  uber (= 0.1.0)
  uglifier (= 4.2.0)
  unaccent (= 0.4.0)
  unicode-display_width (= 2.5.0)
  uniform_notifier (= 1.16.0)
  warden (= 1.2.9)
  webrick (= 1.8.1)
  websocket (= 1.2.10)
  websocket-driver (= 0.7.6)
  websocket-extensions (= 0.1.5)
  yard (= 0.9.34)
  zeitwerk (= 2.6.12)

BUNDLED WITH
   2.5.3
